GEM
  remote: https://rubygems.org/
  specs:
    pg (1.2.0)
    rack (3.0.0)

PLATFORMS
  arm64-darwin-23

DEPENDENCIES
  pg (= 1.2)
  rack (= 3.0.0)

BUNDLED WITH
   2.4.18
